GEM
  remote: http://rubygems.org/
  specs:
    differ (0.1.2)
    haml (3.1.4)
    nokogiri (1.5.6-x86-mingw32)
    rack (1.4.1)
    rack-protection (1.2.0)
      rack
    redis (2.2.2)
    sinatra (1.3.2)
      rack (~> 1.3, >= 1.3.6)
      rack-protection (~> 1.2)
      tilt (~> 1.3, >= 1.3.3)
    tilt (1.3.3)
    tlsmail (0.0.1)

PLATFORMS
  ruby
  x86-mingw32

DEPENDENCIES
  differ
  haml
  nokogiri
  redis
  sinatra
  tlsmail
